GEM
  remote: https://rubygems.org/
  specs:
    json (1.8.1)
    json (1.8.1-java)
    smarter_csv (1.0.19)

PLATFORMS
  java
  ruby

DEPENDENCIES
  json
  smarter_csv
